PATH
  remote: .
  specs:
    akamairb (0.0.1)

GEM
  remote: https://rubygems.org/
  specs:
    rake (10.4.2)

PLATFORMS
  ruby

DEPENDENCIES
  akamairb!
  bundler (~> 1.5)
  rake
